GEM
  remote: http://rubygems.org/
  specs:
    archive-tar-minitar (0.5.2)
    childprocess (0.3.6)
      ffi (>= 1.0.6, ~> 1.0)
    erubis (2.7.0)
    facter (1.6.16)
    ffi (1.2.0)
    hiera (1.0.0)
    i18n (0.6.1)
    json (1.5.4)
    log4r (1.1.10)
    net-scp (1.0.4)
      net-ssh (>= 1.99.1)
    net-ssh (2.2.2)
    puppet (3.0.1)
      facter (~> 1.6.11)
      hiera (~> 1.0.0)
    rake (10.0.2)
    vagrant (1.0.5)
      archive-tar-minitar (= 0.5.2)
      childprocess (~> 0.3.1)
      erubis (~> 2.7.0)
      i18n (~> 0.6.0)
      json (~> 1.5.1)
      log4r (~> 1.1.9)
      net-scp (~> 1.0.4)
      net-ssh (~> 2.2.2)

PLATFORMS
  ruby

DEPENDENCIES
  facter (= 1.6.16)
  puppet (= 3.0.1)
  rake (= 10.0.2)
  vagrant (= 1.0.5)
