PATH
  remote: .
  specs:
    churn (0.0.35)
      chronic (>= 0.2.3)
      hirb
      json_pure
      main
      rest-client (>= 1.6.0)
      ruby_parser (~> 3.0)
      sexp_processor (~> 4.1)

GEM
  remote: http://rubygems.org/
  specs:
    activesupport (3.2.10)
      i18n (~> 0.6)
      multi_json (~> 1.0)
    arrayfields (4.9.0)
    chronic (0.10.2)
    fattr (2.2.1)
    hirb (0.7.1)
    i18n (0.6.1)
    json (1.8.1)
    json_pure (1.8.0)
    main (5.2.0)
      arrayfields (>= 4.7.4)
      chronic (>= 0.6.2)
      fattr (>= 2.2.0)
      map (>= 5.1.0)
    map (6.5.1)
    mime-types (1.25)
    mocha (0.9.12)
    multi_json (1.5.0)
    rake (10.0.3)
    rdoc (4.0.1)
      json (~> 1.4)
    rest-client (1.6.7)
      mime-types (>= 1.16)
    ruby_parser (3.2.2)
      sexp_processor (~> 4.1)
    sexp_processor (4.3.0)
    shoulda (3.3.2)
      shoulda-context (~> 1.0.1)
      shoulda-matchers (~> 1.4.1)
    shoulda-context (1.0.2)
    shoulda-matchers (1.4.1)
      activesupport (>= 3.0.0)
    simplecov (0.7.1)
      multi_json (~> 1.0)
      simplecov-html (~> 0.7.1)
    simplecov-html (0.7.1)
    test-construct (1.2.0)

PLATFORMS
  ruby

DEPENDENCIES
  churn!
  mocha (~> 0.9.5)
  rake
  rdoc
  shoulda
  simplecov
  test-construct
